GEM
  remote: http://rubygems.org/
  specs:
    activesupport (3.0.5)
    addressable (2.2.4)
    eventmachine (0.12.10)
    faraday (0.5.7)
      addressable (~> 2.2.4)
      multipart-post (~> 1.1.0)
      rack (< 2, >= 1.1.0)
    mime-types (1.16)
    multipart-post (1.1.0)
    rack (1.2.2)
    roauth (0.0.3)
    tinder (1.4.3)
      activesupport
      eventmachine
      faraday (~> 0.5.1)
      mime-types
      multipart-post
      twitter-stream
    twitter-stream (0.1.12)
      eventmachine (>= 0.12.8)
      roauth (>= 0.0.2)
    yajl-ruby (0.8.2)

PLATFORMS
  ruby

DEPENDENCIES
  activesupport (~> 3.0.5)
  tinder
  yajl-ruby
